PATH
  remote: .
  specs:
    milo (0.0.7.alpha)
      activesupport
      crack
      curb

GEM
  remote: https://rubygems.org/
  specs:
    activesupport (3.2.11)
      i18n (~> 0.6)
      multi_json (~> 1.0)
    crack (0.3.2)
    curb (0.8.3)
    diff-lcs (1.1.3)
    fakeweb (1.3.0)
    i18n (0.6.1)
    json_spec (1.1.0)
      multi_json (~> 1.0)
      rspec (~> 2.0)
    multi_json (1.5.0)
    rake (10.0.3)
    rspec (2.12.0)
      rspec-core (~> 2.12.0)
      rspec-expectations (~> 2.12.0)
      rspec-mocks (~> 2.12.0)
    rspec-core (2.12.2)
    rspec-expectations (2.12.1)
      diff-lcs (~> 1.1.3)
    rspec-mocks (2.12.2)
    vcr (2.4.0)

PLATFORMS
  ruby

DEPENDENCIES
  fakeweb
  json_spec
  milo!
  rake
  rspec
  vcr
